GEM
  remote: https://rubygems.org/
  specs:
    mustermann (3.0.0)
      ruby2_keywords (~> 0.0.1)
    rack (2.2.8)
    rack-protection (3.1.0)
      rack (~> 2.2, >= 2.2.4)
    ruby2_keywords (0.0.5)
    sinatra (3.1.0)
      mustermann (~> 3.0)
      rack (~> 2.2, >= 2.2.4)
      rack-protection (= 3.1.0)
      tilt (~> 2.0)
    slim (5.1.1)
      temple (~> 0.10.0)
      tilt (>= 2.1.0)
    sqlite3 (1.6.3-arm64-darwin)
    temple (0.10.2)
    tilt (2.2.0)

PLATFORMS
  arm64-darwin-22

DEPENDENCIES
  sinatra
  slim
  sqlite3

BUNDLED WITH
   2.4.18
